GEM
  remote: http://rubygems.org/
  specs:
    linguistics (1.0.8)

PLATFORMS
  ruby

DEPENDENCIES
  linguistics
